GEM
  remote: https://rubygems.org/
  specs:
    addressable (2.4.0)
    autoprefixer-rails (6.5.0.2)
      execjs
    colorator (0.1)
    concurrent-ruby (1.0.2)
    execjs (2.7.0)
    extras (0.1.0)
      forwardable-extended (~> 2.5)
    fastimage (2.0.0)
      addressable (~> 2)
    ffi (1.9.10)
    forwardable-extended (2.6.0)
    hashie (2.1.2)
    httmultiparty (0.3.16)
      httparty (>= 0.7.3)
      mimemagic
      multipart-post
    httparty (0.13.7)
      json (~> 1.8)
      multi_xml (>= 0.5.2)
    jekyll (3.1.6)
      colorator (~> 0.1)
      jekyll-sass-converter (~> 1.0)
      jekyll-watch (~> 1.1)
      kramdown (~> 1.3)
      liquid (~> 3.0)
      mercenary (~> 0.3.3)
      rouge (~> 1.7)
      safe_yaml (~> 1.0)
    jekyll-assets (2.2.8)
      extras (~> 0.1)
      fastimage (~> 2.0, >= 1.8)
      jekyll (~> 3.1, >= 3.0)
      pathutil (>= 0.8)
      rack (> 1, < 2)
      sprockets (~> 3.3, < 3.7)
    jekyll-sass-converter (1.4.0)
      sass (~> 3.4)
    jekyll-watch (1.4.0)
      listen (~> 3.0, < 3.1)
    json (1.8.3)
    kramdown (1.11.1)
    liquid (3.0.6)
    listen (3.0.8)
      rb-fsevent (~> 0.9, >= 0.9.4)
      rb-inotify (~> 0.9, >= 0.9.7)
    mercenary (0.3.6)
    mimemagic (0.3.1)
    multi_xml (0.5.5)
    multipart-post (2.0.0)
    octopress-autoprefixer (2.0.0)
      autoprefixer-rails
      jekyll (~> 3.0)
    pathutil (0.14.0)
      forwardable-extended (~> 2.6)
    rack (1.6.4)
    rb-fsevent (0.9.7)
    rb-inotify (0.9.7)
      ffi (>= 0.5.0)
    rmagick (2.15.4)
    rouge (1.10.1)
    safe_yaml (1.0.4)
    sass (3.4.22)
    soundcloud (0.3.2)
      hashie (~> 2.0)
      httmultiparty (~> 0.3.0)
    sprockets (3.6.3)
      concurrent-ruby (~> 1.0)
      rack (> 1, < 3)
    uglifier (3.0.2)
      execjs (>= 0.3.0, < 3)

PLATFORMS
  ruby

DEPENDENCIES
  jekyll
  jekyll-assets
  json
  octopress-autoprefixer
  rmagick
  soundcloud
  uglifier

BUNDLED WITH
   1.12.5
